GEM
  remote: https://rubygems.org/
  specs:
    actioncable (7.0.4.1)
      actionpack (= 7.0.4.1)
      activesupport (= 7.0.4.1)
      nio4r (~> 2.0)
      websocket-driver (>= 0.6.1)
    actionmailbox (7.0.4.1)
      actionpack (= 7.0.4.1)
      activejob (= 7.0.4.1)
      activerecord (= 7.0.4.1)
      activestorage (= 7.0.4.1)
      activesupport (= 7.0.4.1)
      mail (>= 2.7.1)
      net-imap
      net-pop
      net-smtp
    actionmailer (7.0.4.1)
      actionpack (= 7.0.4.1)
      actionview (= 7.0.4.1)
      activejob (= 7.0.4.1)
      activesupport (= 7.0.4.1)
      mail (~> 2.5, >= 2.5.4)
      net-imap
      net-pop
      net-smtp
      rails-dom-testing (~> 2.0)
    actionpack (7.0.4.1)
      actionview (= 7.0.4.1)
      activesupport (= 7.0.4.1)
      rack (~> 2.0, >= 2.2.0)
      rack-test (>= 0.6.3)
      rails-dom-testing (~> 2.0)
      rails-html-sanitizer (~> 1.0, >= 1.2.0)
    actiontext (7.0.4.1)
      actionpack (= 7.0.4.1)
      activerecord (= 7.0.4.1)
      activestorage (= 7.0.4.1)
      activesupport (= 7.0.4.1)
      globalid (>= 0.6.0)
      nokogiri (>= 1.8.5)
    actionview (7.0.4.1)
      activesupport (= 7.0.4.1)
      builder (~> 3.1)
      erubi (~> 1.4)
      rails-dom-testing (~> 2.0)
      rails-html-sanitizer (~> 1.1, >= 1.2.0)
    activejob (7.0.4.1)
      activesupport (= 7.0.4.1)
      globalid (>= 0.3.6)
    activemodel (7.0.4.1)
      activesupport (= 7.0.4.1)
    activerecord (7.0.4.1)
      activemodel (= 7.0.4.1)
      activesupport (= 7.0.4.1)
    activestorage (7.0.4.1)
      actionpack (= 7.0.4.1)
      activejob (= 7.0.4.1)
      activerecord (= 7.0.4.1)
      activesupport (= 7.0.4.1)
      marcel (~> 1.0)
      mini_mime (>= 1.1.0)
    activesupport (7.0.4.1)
      concurrent-ruby (~> 1.0, >= 1.0.2)
      i18n (>= 1.6, < 2)
      minitest (>= 5.1)
      tzinfo (~> 2.0)
    addressable (2.8.1)
      public_suffix (>= 2.0.2, < 6.0)
    autoprefixer-rails (10.4.7.0)
      execjs (~> 2)
    bcrypt (3.1.18)
    bindex (0.8.1)
    bootsnap (1.15.0)
      msgpack (~> 1.2)
    bootstrap (5.2.3)
      autoprefixer-rails (>= 9.1.0)
      popper_js (>= 2.11.6, < 3)
      sassc-rails (>= 2.0.0)
    bootstrap5-kaminari-views (0.0.1)
      kaminari (>= 0.13)
      rails (>= 3.1)
    builder (3.2.4)
    capybara (3.38.0)
      addressable
      matrix
      mini_mime (>= 0.1.3)
      nokogiri (~> 1.8)
      rack (>= 1.6.0)
      rack-test (>= 0.6.3)
      regexp_parser (>= 1.5, < 3.0)
      xpath (~> 3.2)
    chartkick (5.0.1)
    concurrent-ruby (1.2.2)
    crass (1.0.6)
    date (3.3.3)
    debug (1.7.1)
      irb (>= 1.5.0)
      reline (>= 0.3.1)
    declarative (0.0.20)
    devise (4.9.0)
      bcrypt (~> 3.0)
      orm_adapter (~> 0.1)
      railties (>= 4.1.0)
      responders
      warden (~> 1.2.3)
    devise-i18n (1.11.0)
      devise (>= 4.9.0)
    devise-i18n-views (0.3.7)
    diff-lcs (1.5.0)
    digest-crc (0.6.4)
      rake (>= 12.0.0, < 14.0.0)
    dotenv (2.8.1)
    dotenv-rails (2.8.1)
      dotenv (= 2.8.1)
      railties (>= 3.2)
    erubi (1.12.0)
    execjs (2.8.1)
    factory_bot (6.2.1)
      activesupport (>= 5.0.0)
    factory_bot_rails (6.2.0)
      factory_bot (~> 6.2.0)
      railties (>= 5.0.0)
    faraday (1.10.3)
      faraday-em_http (~> 1.0)
      faraday-em_synchrony (~> 1.0)
      faraday-excon (~> 1.1)
      faraday-httpclient (~> 1.0)
      faraday-multipart (~> 1.0)
      faraday-net_http (~> 1.0)
      faraday-net_http_persistent (~> 1.0)
      faraday-patron (~> 1.0)
      faraday-rack (~> 1.0)
      faraday-retry (~> 1.0)
      ruby2_keywords (>= 0.0.4)
    faraday-em_http (1.0.0)
    faraday-em_synchrony (1.0.0)
    faraday-excon (1.1.0)
    faraday-httpclient (1.0.1)
    faraday-multipart (1.0.4)
      multipart-post (~> 2)
    faraday-net_http (1.0.1)
    faraday-net_http_persistent (1.2.0)
    faraday-patron (1.0.0)
    faraday-rack (1.0.0)
    faraday-retry (1.0.3)
    ffi (1.15.5)
    gapic-common (0.9.0)
      faraday (~> 1.3)
      google-protobuf (~> 3.14)
      googleapis-common-protos (>= 1.3.11, < 2.a)
      googleapis-common-protos-types (>= 1.0.6, < 2.a)
      googleauth (>= 0.17.0, < 2.a)
      grpc (~> 1.36)
    globalid (1.0.1)
      activesupport (>= 5.0)
    google-apis-bigquery_v2 (0.48.0)
      google-apis-core (>= 0.11.0, < 2.a)
    google-apis-cloudresourcemanager_v1 (0.33.0)
      google-apis-core (>= 0.11.0, < 2.a)
    google-apis-core (0.11.0)
      addressable (~> 2.5, >= 2.5.1)
      googleauth (>= 0.16.2, < 2.a)
      httpclient (>= 2.8.1, < 3.a)
      mini_mime (~> 1.0)
      representable (~> 3.0)
      retriable (>= 2.0, < 4.a)
      rexml
      webrick
    google-apis-dns_v1 (0.31.0)
      google-apis-core (>= 0.11.0, < 2.a)
    google-apis-iamcredentials_v1 (0.17.0)
      google-apis-core (>= 0.11.0, < 2.a)
    google-apis-storage_v1 (0.19.0)
      google-apis-core (>= 0.9.0, < 2.a)
    google-cloud (0.64.0)
      google-cloud-asset (~> 0.1)
      google-cloud-bigquery (~> 1.1)
      google-cloud-bigquery-data_transfer (~> 0.1)
      google-cloud-bigtable (~> 1.0)
      google-cloud-container (~> 0.1)
      google-cloud-dataproc (~> 0.1)
      google-cloud-datastore (~> 1.4)
      google-cloud-dialogflow (~> 0.1)
      google-cloud-dlp (~> 0.4)
      google-cloud-dns (~> 0.28)
      google-cloud-error_reporting (~> 0.30)
      google-cloud-firestore (~> 1.0)
      google-cloud-kms (~> 1.0)
      google-cloud-language (~> 0.30)
      google-cloud-logging (~> 1.5)
      google-cloud-monitoring (~> 0.28)
      google-cloud-os_login (~> 0.1)
      google-cloud-phishing_protection (~> 0.1)
      google-cloud-pubsub (~> 1.0)
      google-cloud-recaptcha_enterprise (~> 0.1)
      google-cloud-redis (~> 0.2)
      google-cloud-resource_manager (~> 0.29)
      google-cloud-scheduler (~> 1.0)
      google-cloud-security_center (~> 0.1)
      google-cloud-spanner (~> 1.3)
      google-cloud-speech (~> 0.29)
      google-cloud-storage (~> 1.10)
      google-cloud-talent (~> 0.1)
      google-cloud-tasks (~> 1.0)
      google-cloud-text_to_speech (~> 0.1)
      google-cloud-trace (~> 0.31)
      google-cloud-translate (~> 2.0)
      google-cloud-video_intelligence (~> 2.0)
      google-cloud-vision (~> 0.28)
    google-cloud-asset (0.8.1)
      google-gax (~> 1.8)
      googleapis-common-protos (>= 1.3.9, < 2.0)
      googleapis-common-protos-types (>= 1.0.4, < 2.0)
      grpc-google-iam-v1 (~> 0.6.9)
    google-cloud-bigquery (1.42.0)
      concurrent-ruby (~> 1.0)
      google-apis-bigquery_v2 (~> 0.1)
      google-cloud-core (~> 1.6)
      googleauth (>= 0.16.2, < 2.a)
      mini_mime (~> 1.0)
    google-cloud-bigquery-data_transfer (0.9.0)
      google-gax (~> 1.8)
      googleapis-common-protos (>= 1.3.9, < 2.0)
      googleapis-common-protos-types (>= 1.0.4, < 2.0)
    google-cloud-bigtable (1.3.0)
      google-cloud-core (~> 1.1)
      google-gax (~> 1.8)
      googleapis-common-protos (>= 1.3.9, < 2.0)
      googleapis-common-protos-types (>= 1.0.4, < 2.0)
      grpc-google-iam-v1 (~> 0.6.9)
    google-cloud-container (0.11.0)
      google-gax (~> 1.8)
      googleapis-common-protos (>= 1.3.9, < 2.0)
      googleapis-common-protos-types (>= 1.0.4, < 2.0)
    google-cloud-core (1.6.0)
      google-cloud-env (~> 1.0)
      google-cloud-errors (~> 1.0)
    google-cloud-dataproc (0.10.0)
      google-gax (~> 1.8)
      googleapis-common-protos (>= 1.3.9, < 2.0)
      googleapis-common-protos-types (>= 1.0.4, < 2.0)
    google-cloud-datastore (1.8.2)
      google-cloud-core (~> 1.2)
      google-gax (~> 1.8)
      googleapis-common-protos (>= 1.3.9, < 2.0)
      googleapis-common-protos-types (>= 1.0.4, < 2.0)
    google-cloud-dialogflow (0.15.0)
      google-gax (~> 1.8)
      googleapis-common-protos (>= 1.3.9, < 2.0)
      googleapis-common-protos-types (>= 1.0.4, < 2.0)
    google-cloud-dlp (0.15.0)
      google-gax (~> 1.8)
      googleapis-common-protos (>= 1.3.9, < 2.0)
      googleapis-common-protos-types (>= 1.0.4, < 2.0)
    google-cloud-dns (0.36.0)
      google-apis-dns_v1 (~> 0.1)
      google-cloud-core (~> 1.6)
      googleauth (>= 0.16.2, < 2.a)
      zonefile (~> 1.04)
    google-cloud-env (1.6.0)
      faraday (>= 0.17.3, < 3.0)
    google-cloud-error_reporting (0.42.2)
      concurrent-ruby (~> 1.1)
      google-cloud-core (~> 1.5)
      google-cloud-error_reporting-v1beta1 (~> 0.0)
      stackdriver-core (~> 1.3)
    google-cloud-error_reporting-v1beta1 (0.4.5)
      gapic-common (>= 0.7, < 2.a)
      google-cloud-errors (~> 1.0)
    google-cloud-errors (1.3.1)
    google-cloud-firestore (1.4.4)
      concurrent-ruby (~> 1.0)
      google-cloud-core (~> 1.2)
      google-gax (~> 1.8)
      googleapis-common-protos (>= 1.3.9, < 2.0)
      googleapis-common-protos-types (>= 1.0.4, < 2.0)
      rbtree (~> 0.4.2)
    google-cloud-kms (1.6.0)
      google-gax (~> 1.8)
      googleapis-common-protos (>= 1.3.9, < 2.0)
      googleapis-common-protos-types (>= 1.0.4, < 2.0)
      grpc-google-iam-v1 (~> 0.6.9)
    google-cloud-language (0.36.0)
      google-gax (~> 1.8)
      googleapis-common-protos (>= 1.3.9, < 2.0)
      googleapis-common-protos-types (>= 1.0.4, < 2.0)
    google-cloud-logging (1.10.9)
      concurrent-ruby (~> 1.1)
      google-cloud-core (~> 1.2)
      google-gax (~> 1.8)
      googleapis-common-protos (>= 1.3.9, < 2.0)
      googleapis-common-protos-types (>= 1.0.4, < 2.0)
      stackdriver-core (~> 1.3)
    google-cloud-monitoring (0.38.0)
      google-gax (~> 1.8)
      googleapis-common-protos (>= 1.3.9, < 2.0)
      googleapis-common-protos-types (>= 1.0.4, < 2.0)
    google-cloud-os_login (0.7.0)
      google-gax (~> 1.8)
      googleapis-common-protos (>= 1.3.9, < 2.0)
      googleapis-common-protos-types (>= 1.0.4, < 2.0)
    google-cloud-phishing_protection (0.12.0)
      google-cloud-core (~> 1.6)
      google-cloud-phishing_protection-v1beta1 (>= 0.0, < 2.a)
    google-cloud-phishing_protection-v1beta1 (0.3.5)
      gapic-common (>= 0.7, < 2.a)
      google-cloud-errors (~> 1.0)
    google-cloud-pubsub (1.10.0)
      concurrent-ruby (~> 1.1)
      google-cloud-core (~> 1.2)
      google-gax (~> 1.8)
      googleapis-common-protos (>= 1.3.9, < 2.0)
      googleapis-common-protos-types (>= 1.0.4, < 2.0)
      grpc-google-iam-v1 (~> 0.6.9)
    google-cloud-recaptcha_enterprise (0.6.0)
      google-gax (~> 1.8)
      googleapis-common-protos (>= 1.3.9, < 2.0)
      googleapis-common-protos-types (>= 1.0.4, < 2.0)
      grpc-google-iam-v1 (~> 0.6.9)
    google-cloud-redis (0.8.2)
      google-gax (~> 1.8)
      googleapis-common-protos (>= 1.3.9, < 2.0)
      googleapis-common-protos-types (>= 1.0.4, < 2.0)
    google-cloud-resource_manager (0.37.0)
      google-apis-cloudresourcemanager_v1 (~> 0.1)
      google-cloud-core (~> 1.6)
      googleauth (>= 0.16.2, < 2.a)
    google-cloud-scheduler (1.3.1)
      google-gax (~> 1.8)
      googleapis-common-protos (>= 1.3.9, < 2.0)
      googleapis-common-protos-types (>= 1.0.4, < 2.0)
    google-cloud-security_center (0.10.0)
      google-gax (~> 1.8)
      googleapis-common-protos (>= 1.3.9, < 2.0)
      googleapis-common-protos-types (>= 1.0.4, < 2.0)
      grpc-google-iam-v1 (~> 0.6.9)
    google-cloud-spanner (1.16.2)
      concurrent-ruby (~> 1.0)
      google-cloud-core (~> 1.2)
      google-gax (~> 1.8)
      googleapis-common-protos (>= 1.3.9, < 2.0)
      googleapis-common-protos-types (>= 1.0.4, < 2.0)
      grpc-google-iam-v1 (~> 0.6.9)
    google-cloud-speech (0.41.0)
      google-gax (~> 1.8)
      googleapis-common-protos (>= 1.3.9, < 2.0)
      googleapis-common-protos-types (>= 1.0.4, < 2.0)
    google-cloud-storage (1.44.0)
      addressable (~> 2.8)
      digest-crc (~> 0.4)
      google-apis-iamcredentials_v1 (~> 0.1)
      google-apis-storage_v1 (~> 0.19.0)
      google-cloud-core (~> 1.6)
      googleauth (>= 0.16.2, < 2.a)
      mini_mime (~> 1.0)
    google-cloud-talent (0.20.0)
      google-cloud-core (~> 1.5)
      google-cloud-talent-v4beta1 (~> 0.0)
    google-cloud-talent-v4beta1 (0.5.0)
      gapic-common (>= 0.7, < 2.a)
      google-cloud-errors (~> 1.0)
    google-cloud-tasks (1.5.1)
      google-gax (~> 1.8)
      googleapis-common-protos (>= 1.3.9, < 2.0)
      googleapis-common-protos-types (>= 1.0.4, < 2.0)
      grpc-google-iam-v1 (~> 0.6.9)
    google-cloud-text_to_speech (0.7.0)
      google-gax (~> 1.8)
      googleapis-common-protos (>= 1.3.9, < 2.0)
      googleapis-common-protos-types (>= 1.0.4, < 2.0)
    google-cloud-trace (0.42.1)
      concurrent-ruby (~> 1.1)
      google-cloud-core (~> 1.5)
      google-cloud-trace-v1 (~> 0.0)
      google-cloud-trace-v2 (~> 0.0)
      stackdriver-core (~> 1.3)
    google-cloud-trace-v1 (0.3.5)
      gapic-common (>= 0.7, < 2.a)
      google-cloud-errors (~> 1.0)
    google-cloud-trace-v2 (0.3.5)
      gapic-common (>= 0.7, < 2.a)
      google-cloud-errors (~> 1.0)
    google-cloud-translate (2.3.0)
      faraday (>= 0.17.3, < 2.0)
      google-cloud-core (~> 1.2)
      google-gax (~> 1.8)
      googleapis-common-protos (>= 1.3.9, < 2.0)
      googleapis-common-protos-types (>= 1.0.4, < 2.0)
    google-cloud-video_intelligence (2.1.1)
      google-gax (~> 1.8)
      googleapis-common-protos (>= 1.3.9, < 2.0)
      googleapis-common-protos-types (>= 1.0.4, < 2.0)
    google-cloud-vision (0.38.0)
      google-gax (~> 1.8)
      googleapis-common-protos (>= 1.3.9, < 2.0)
      googleapis-common-protos-types (>= 1.0.4, < 2.0)
    google-gax (1.8.2)
      google-protobuf (~> 3.9)
      googleapis-common-protos (>= 1.3.9, < 2.0)
      googleapis-common-protos-types (>= 1.0.4, < 2.0)
      googleauth (~> 0.9)
      grpc (~> 1.24)
      rly (~> 0.2.3)
    google-protobuf (3.22.1-x86_64-darwin)
    googleapis-common-protos (1.4.0)
      google-protobuf (~> 3.14)
      googleapis-common-protos-types (~> 1.2)
      grpc (~> 1.27)
    googleapis-common-protos-types (1.5.0)
      google-protobuf (~> 3.14)
    googleauth (0.17.1)
      faraday (>= 0.17.3, < 2.0)
      jwt (>= 1.4, < 3.0)
      memoist (~> 0.16)
      multi_json (~> 1.11)
      os (>= 0.9, < 2.0)
      signet (~> 0.15)
    grpc (1.52.0-x86_64-darwin)
      google-protobuf (~> 3.21)
      googleapis-common-protos-types (~> 1.0)
    grpc-google-iam-v1 (0.6.11)
      google-protobuf (~> 3.14)
      googleapis-common-protos (>= 1.3.11, < 2.0)
      grpc (~> 1.27)
    httpclient (2.8.3)
    i18n (1.12.0)
      concurrent-ruby (~> 1.0)
    image_processing (1.12.2)
      mini_magick (>= 4.9.5, < 5)
      ruby-vips (>= 2.0.17, < 3)
    importmap-rails (1.1.5)
      actionpack (>= 6.0.0)
      railties (>= 6.0.0)
    io-console (0.6.0)
    irb (1.6.2)
      reline (>= 0.3.0)
    jbuilder (2.11.5)
      actionview (>= 5.0.0)
      activesupport (>= 5.0.0)
    jwt (2.7.0)
    kaminari (1.2.2)
      activesupport (>= 4.1.0)
      kaminari-actionview (= 1.2.2)
      kaminari-activerecord (= 1.2.2)
      kaminari-core (= 1.2.2)
    kaminari-actionview (1.2.2)
      actionview
      kaminari-core (= 1.2.2)
    kaminari-activerecord (1.2.2)
      activerecord
      kaminari-core (= 1.2.2)
    kaminari-core (1.2.2)
    loofah (2.19.1)
      crass (~> 1.0.2)
      nokogiri (>= 1.5.9)
    mail (2.8.0.1)
      mini_mime (>= 0.1.1)
      net-imap
      net-pop
      net-smtp
    marcel (1.0.2)
    matrix (0.4.2)
    memoist (0.16.2)
    method_source (1.0.0)
    mini_magick (4.12.0)
    mini_mime (1.1.2)
    minitest (5.18.0)
    msgpack (1.6.0)
    multi_json (1.15.0)
    multipart-post (2.3.0)
    mysql2 (0.5.4)
    net-imap (0.3.4)
      date
      net-protocol
    net-pop (0.1.2)
      net-protocol
    net-protocol (0.2.1)
      timeout
    net-smtp (0.3.3)
      net-protocol
    nio4r (2.5.8)
    nokogiri (1.14.2-x86_64-darwin)
      racc (~> 1.4)
    orm_adapter (0.5.0)
    os (1.1.4)
    popper_js (2.11.6)
    public_suffix (5.0.1)
    puma (5.6.5)
      nio4r (~> 2.0)
    racc (1.6.2)
    rack (2.2.6.3)
    rack-test (2.0.2)
      rack (>= 1.3)
    rails (7.0.4.1)
      actioncable (= 7.0.4.1)
      actionmailbox (= 7.0.4.1)
      actionmailer (= 7.0.4.1)
      actionpack (= 7.0.4.1)
      actiontext (= 7.0.4.1)
      actionview (= 7.0.4.1)
      activejob (= 7.0.4.1)
      activemodel (= 7.0.4.1)
      activerecord (= 7.0.4.1)
      activestorage (= 7.0.4.1)
      activesupport (= 7.0.4.1)
      bundler (>= 1.15.0)
      railties (= 7.0.4.1)
    rails-dom-testing (2.0.3)
      activesupport (>= 4.2.0)
      nokogiri (>= 1.6)
    rails-html-sanitizer (1.5.0)
      loofah (~> 2.19, >= 2.19.1)
    rails-i18n (7.0.6)
      i18n (>= 0.7, < 2)
      railties (>= 6.0.0, < 8)
    railties (7.0.4.1)
      actionpack (= 7.0.4.1)
      activesupport (= 7.0.4.1)
      method_source
      rake (>= 12.2)
      thor (~> 1.0)
      zeitwerk (~> 2.5)
    rake (13.0.6)
    rbtree (0.4.6)
    regexp_parser (2.6.2)
    reline (0.3.2)
      io-console (~> 0.5)
    representable (3.2.0)
      declarative (< 0.1.0)
      trailblazer-option (>= 0.1.1, < 0.2.0)
      uber (< 0.2.0)
    responders (3.1.0)
      actionpack (>= 5.2)
      railties (>= 5.2)
    retriable (3.1.2)
    rexml (3.2.5)
    rly (0.2.3)
    rspec-core (3.12.0)
      rspec-support (~> 3.12.0)
    rspec-expectations (3.12.2)
      diff-lcs (>= 1.2.0, < 2.0)
      rspec-support (~> 3.12.0)
    rspec-mocks (3.12.3)
      diff-lcs (>= 1.2.0, < 2.0)
      rspec-support (~> 3.12.0)
    rspec-rails (6.0.1)
      actionpack (>= 6.1)
      activesupport (>= 6.1)
      railties (>= 6.1)
      rspec-core (~> 3.11)
      rspec-expectations (~> 3.11)
      rspec-mocks (~> 3.11)
      rspec-support (~> 3.11)
    rspec-support (3.12.0)
    ruby-vips (2.1.4)
      ffi (~> 1.12)
    ruby2_keywords (0.0.5)
    rubyzip (2.3.2)
    sassc (2.4.0)
      ffi (~> 1.9)
    sassc-rails (2.1.2)
      railties (>= 4.0.0)
      sassc (>= 2.0)
      sprockets (> 3.0)
      sprockets-rails
      tilt
    selenium-webdriver (4.7.1)
      rexml (~> 3.2, >= 3.2.5)
      rubyzip (>= 1.2.2, < 3.0)
      websocket (~> 1.0)
    signet (0.17.0)
      addressable (~> 2.8)
      faraday (>= 0.17.5, < 3.a)
      jwt (>= 1.5, < 3.0)
      multi_json (~> 1.10)
    sprockets (4.2.0)
      concurrent-ruby (~> 1.0)
      rack (>= 2.2.4, < 4)
    sprockets-rails (3.4.2)
      actionpack (>= 5.2)
      activesupport (>= 5.2)
      sprockets (>= 3.0.0)
    stackdriver-core (1.5.0)
      google-cloud-core (~> 1.2)
    stimulus-rails (1.2.1)
      railties (>= 6.0.0)
    thor (1.2.1)
    tilt (2.1.0)
    timeout (0.3.1)
    trailblazer-option (0.1.2)
    turbo-rails (1.3.2)
      actionpack (>= 6.0.0)
      activejob (>= 6.0.0)
      railties (>= 6.0.0)
    tzinfo (2.0.6)
      concurrent-ruby (~> 1.0)
    uber (0.1.0)
    warden (1.2.9)
      rack (>= 2.0.9)
    web-console (4.2.0)
      actionview (>= 6.0.0)
      activemodel (>= 6.0.0)
      bindex (>= 0.4.0)
      railties (>= 6.0.0)
    webdrivers (5.2.0)
      nokogiri (~> 1.6)
      rubyzip (>= 1.3.0)
      selenium-webdriver (~> 4.0)
    webrick (1.8.1)
    websocket (1.2.9)
    websocket-driver (0.7.5)
      websocket-extensions (>= 0.1.0)
    websocket-extensions (0.1.5)
    xpath (3.2.0)
      nokogiri (~> 1.8)
    zeitwerk (2.6.7)
    zonefile (1.06)

PLATFORMS
  x86_64-darwin-22

DEPENDENCIES
  bootsnap
  bootstrap (~> 5.2.3)
  bootstrap5-kaminari-views
  capybara
  chartkick
  debug
  devise
  devise-i18n
  devise-i18n-views
  dotenv-rails
  factory_bot_rails
  google-cloud
  google-cloud-translate
  image_processing (~> 1.2)
  importmap-rails
  jbuilder
  kaminari
  mini_magick
  mysql2 (~> 0.5)
  puma (~> 5.0)
  rails (~> 7.0.4, >= 7.0.4.1)
  rails-i18n
  rspec-rails
  selenium-webdriver
  sprockets-rails
  stimulus-rails
  turbo-rails
  tzinfo-data
  web-console
  webdrivers

RUBY VERSION
   ruby 3.1.3p185

BUNDLED WITH
   2.3.26
